PATH
  remote: .
  specs:
    git_reflow (0.3.3)
      colorize (= 0.6.0)
      github_api (= 0.10.2)
      gli (= 2.8.1)
      highline
      httpclient

GEM
  remote: https://rubygems.org/
  specs:
    addressable (2.3.5)
    colorize (0.6.0)
    faraday (0.8.8)
      multipart-post (~> 1.2.0)
    git (1.2.5)
    github_api (0.10.2)
      addressable
      faraday (~> 0.8.7)
      hashie (>= 1.2)
      multi_json (~> 1.4)
      nokogiri (~> 1.6.0)
      oauth2
    gli (2.8.1)
    hashie (2.0.5)
    highline (1.6.19)
    httpauth (0.2.0)
    httpclient (2.3.4.1)
    jeweler (1.8.4)
      bundler (~> 1.0)
      git (>= 1.2.5)
      rake
      rdoc
    json (1.7.5)
    jwt (0.1.8)
      multi_json (>= 1.5)
    mini_portile (0.5.1)
    multi_json (1.8.2)
    multi_xml (0.5.5)
    multipart-post (1.2.0)
    nokogiri (1.6.0)
      mini_portile (~> 0.5.0)
    oauth2 (0.9.2)
      faraday (~> 0.8)
      httpauth (~> 0.2)
      jwt (~> 0.1.4)
      multi_json (~> 1.0)
      multi_xml (~> 0.5)
      rack (~> 1.2)
    rack (1.5.2)
    rake (0.9.2.2)
    rdoc (3.12)
      json (~> 1.4)

PLATFORMS
  ruby

DEPENDENCIES
  git_reflow!
  jeweler
  rake
  rdoc
