PATH
  remote: .
  specs:
    git_reflow (0.1)
      gli
      httpclient
      json

GEM
  remote: http://rubygems.org/
  specs:
    aruba (0.4.11)
      childprocess (>= 0.2.3)
      cucumber (>= 1.1.1)
      ffi (>= 1.0.11)
      rspec (>= 2.7.0)
    builder (3.0.0)
    childprocess (0.3.0)
      ffi (~> 1.0.6)
    cucumber (1.1.4)
      builder (>= 2.1.2)
      diff-lcs (>= 1.1.2)
      gherkin (~> 2.7.1)
      json (>= 1.4.6)
      term-ansicolor (>= 1.0.6)
    diff-lcs (1.1.3)
    ffi (1.0.11)
    gherkin (2.7.4)
      json (>= 1.4.6)
    git (1.2.5)
    gli (1.4.0)
    httpclient (2.2.4)
    jeweler (1.7.0)
      bundler (~> 1.0)
      git (>= 1.2.5)
      rake
      rdoc
    json (1.6.5)
    rake (0.9.2.2)
    rdoc (3.12)
      json (~> 1.4)
    rspec (2.8.0)
      rspec-core (~> 2.8.0)
      rspec-expectations (~> 2.8.0)
      rspec-mocks (~> 2.8.0)
    rspec-core (2.8.0)
    rspec-expectations (2.8.0)
      diff-lcs (~> 1.1.2)
    rspec-mocks (2.8.0)
    term-ansicolor (1.0.7)

PLATFORMS
  ruby

DEPENDENCIES
  aruba (~> 0.4.6)
  git_reflow!
  jeweler
  rake
  rdoc
  rspec
