PATH
  remote: .
  specs:
    git_reflow (0.3)
      colorize (= 0.5.8)
      github_api (= 0.7.0)
      gli (= 2.1.0)
      highline
      httpclient

GEM
  remote: http://rubygems.org/
  specs:
    colorize (0.5.8)
    faraday (0.8.6)
      multipart-post (~> 1.1)
    git (1.2.5)
    github_api (0.7.0)
      faraday (~> 0.8.1)
      hashie (~> 1.2.0)
      multi_json (~> 1.3)
      nokogiri (~> 1.5.2)
      oauth2
    gli (2.1.0)
    hashie (1.2.0)
    highline (1.6.16)
    httpauth (0.2.0)
    httpclient (2.3.3)
    jeweler (1.8.4)
      bundler (~> 1.0)
      git (>= 1.2.5)
      rake
      rdoc
    json (1.7.5)
    jwt (0.1.5)
      multi_json (>= 1.0)
    multi_json (1.7.2)
    multi_xml (0.5.3)
    multipart-post (1.2.0)
    nokogiri (1.5.9)
    oauth2 (0.9.1)
      faraday (~> 0.8)
      httpauth (~> 0.1)
      jwt (~> 0.1.4)
      multi_json (~> 1.0)
      multi_xml (~> 0.5)
      rack (~> 1.2)
    rack (1.5.2)
    rake (0.9.2.2)
    rdoc (3.12)
      json (~> 1.4)

PLATFORMS
  ruby

DEPENDENCIES
  git_reflow!
  jeweler
  rake
  rdoc
