PATH
  remote: .
  specs:
    git_reflow (0.9.0)
      bundler (>= 1.10.0)
      colorize (>= 0.7.0)
      github_api (= 0.18.2)
      highline
      httpclient
      reenhanced_bitbucket_api (= 0.3.2)

GEM
  remote: https://rubygems.org/
  specs:
    addressable (2.6.0)
      public_suffix (>= 2.0.2, < 4.0)
    appraisal (2.2.0)
      bundler
      rake
      thor (>= 0.14.0)
    byebug (11.0.1)
    chronic (0.10.2)
    coderay (1.1.2)
    colorize (0.8.1)
    crack (0.4.3)
      safe_yaml (~> 1.0.0)
    descendants_tracker (0.0.4)
      thread_safe (~> 0.3, >= 0.3.1)
    diff-lcs (1.3)
    faraday (0.9.2)
      multipart-post (>= 1.2, < 3)
    faraday_middleware (0.9.2)
      faraday (>= 0.7.4, < 0.10)
    github_api (0.18.2)
      addressable (~> 2.4)
      descendants_tracker (~> 0.0.4)
      faraday (~> 0.8)
      hashie (~> 3.5, >= 3.5.2)
      oauth2 (~> 1.0)
    hashdiff (0.3.8)
    hashie (3.6.0)
    highline (2.0.2)
    httpclient (2.8.3)
    jwt (2.1.0)
    method_source (0.9.2)
    mini_portile2 (2.4.0)
    multi_json (1.13.1)
    multi_xml (0.6.0)
    multipart-post (2.0.0)
    nokogiri (1.10.2)
      mini_portile2 (~> 2.4.0)
    oauth2 (1.4.1)
      faraday (>= 0.8, < 0.16.0)
      jwt (>= 1.0, < 3.0)
      multi_json (~> 1.3)
      multi_xml (~> 0.5)
      rack (>= 1.2, < 3)
    pry (0.12.2)
      coderay (~> 1.1.0)
      method_source (~> 0.9.0)
    pry-byebug (3.7.0)
      byebug (~> 11.0)
      pry (~> 0.10)
    public_suffix (3.0.3)
    rack (2.0.7)
    rake (12.3.2)
    rdoc (6.1.1)
    reenhanced_bitbucket_api (0.3.2)
      faraday (~> 0.9.0)
      faraday_middleware (~> 0.9.0)
      hashie (>= 3.2)
      multi_json (>= 1.7.5, < 2.0)
      nokogiri (>= 1.5.2)
      simple_oauth (>= 0.3.0)
    rspec (3.7.0)
      rspec-core (~> 3.7.0)
      rspec-expectations (~> 3.7.0)
      rspec-mocks (~> 3.7.0)
    rspec-core (3.7.1)
      rspec-support (~> 3.7.0)
    rspec-expectations (3.7.0)
      diff-lcs (>= 1.2.0, < 2.0)
      rspec-support (~> 3.7.0)
    rspec-mocks (3.7.0)
      diff-lcs (>= 1.2.0, < 2.0)
      rspec-support (~> 3.7.0)
    rspec-support (3.7.1)
    safe_yaml (1.0.5)
    simple_oauth (0.3.1)
    thor (0.20.3)
    thread_safe (0.3.6)
    webmock (3.5.1)
      addressable (>= 2.3.6)
      crack (>= 0.3.2)
      hashdiff
    wwtd (1.3.0)

PLATFORMS
  ruby

DEPENDENCIES
  appraisal (= 2.2.0)
  chronic
  git_reflow!
  pry-byebug
  rake (~> 12.3)
  rdoc
  rspec (~> 3.7.0)
  webmock
  wwtd (= 1.3.0)

BUNDLED WITH
   1.17.1
