PATH
  remote: .
  specs:
    git_reflow (0.3.5)
      colorize (= 0.6.0)
      github_api (= 0.10.2)
      gli (= 2.8.1)
      highline
      httpclient
      json_pure

GEM
  remote: https://rubygems.org/
  specs:
    addressable (2.3.5)
    colorize (0.6.0)
    crack (0.4.2)
      safe_yaml (~> 1.0.0)
    diff-lcs (1.2.5)
    faraday (0.8.8)
      multipart-post (~> 1.2.0)
    github_api (0.10.2)
      addressable
      faraday (~> 0.8.7)
      hashie (>= 1.2)
      multi_json (~> 1.4)
      nokogiri (~> 1.6.0)
      oauth2
    gli (2.8.1)
    hashie (2.0.5)
    highline (1.6.20)
    httpauth (0.2.0)
    httpclient (2.3.4.1)
    json (1.7.5)
    json_pure (1.8.1)
    jwt (0.1.8)
      multi_json (>= 1.5)
    mini_portile (0.5.1)
    multi_json (1.8.4)
    multi_xml (0.5.5)
    multipart-post (1.2.0)
    nokogiri (1.6.0)
      mini_portile (~> 0.5.0)
    oauth2 (0.9.2)
      faraday (~> 0.8)
      httpauth (~> 0.2)
      jwt (~> 0.1.4)
      multi_json (~> 1.0)
      multi_xml (~> 0.5)
      rack (~> 1.2)
    rack (1.5.2)
    rake (0.9.2.2)
    rdoc (3.12)
      json (~> 1.4)
    rspec (3.0.0)
      rspec-core (~> 3.0.0)
      rspec-expectations (~> 3.0.0)
      rspec-mocks (~> 3.0.0)
    rspec-core (3.0.3)
      rspec-support (~> 3.0.0)
    rspec-expectations (3.0.3)
      diff-lcs (>= 1.2.0, < 2.0)
      rspec-support (~> 3.0.0)
    rspec-mocks (3.0.3)
      rspec-support (~> 3.0.0)
    rspec-support (3.0.3)
    safe_yaml (1.0.1)
    webmock (1.17.4)
      addressable (>= 2.2.7)
      crack (>= 0.3.2)

PLATFORMS
  ruby

DEPENDENCIES
  bundler
  git_reflow!
  rake
  rdoc
  rspec (~> 3.0.0)
  webmock
