PATH
  remote: .
  specs:
    git_reflow (0.7.0)
      colorize (>= 0.7.0)
      github_api (= 0.12.4)
      gli (= 2.13.2)
      highline
      httpclient
      json_pure
      reenhanced_bitbucket_api (= 0.3.2)

GEM
  remote: https://rubygems.org/
  specs:
    addressable (2.3.7)
    appraisal (1.0.3)
      bundler
      rake
      thor (>= 0.14.0)
    byebug (4.0.1)
      columnize (= 0.9.0)
      rb-readline (= 0.5.2)
    chronic (0.10.2)
    coderay (1.1.0)
    colorize (0.7.7)
    columnize (0.9.0)
    crack (0.4.2)
      safe_yaml (~> 1.0.0)
    descendants_tracker (0.0.4)
      thread_safe (~> 0.3, >= 0.3.1)
    diff-lcs (1.2.5)
    faraday (0.9.1)
      multipart-post (>= 1.2, < 3)
    faraday_middleware (0.9.2)
      faraday (>= 0.7.4, < 0.10)
    github_api (0.12.4)
      addressable (~> 2.3)
      descendants_tracker (~> 0.0.4)
      faraday (~> 0.8, < 0.10)
      hashie (>= 3.4)
      multi_json (>= 1.7.5, < 2.0)
      nokogiri (~> 1.6.6)
      oauth2
    gli (2.13.2)
    hashie (3.4.2)
    highline (1.7.7)
    httpclient (2.6.0.1)
    json_pure (1.8.2)
    jwt (1.5.1)
    method_source (0.8.2)
    mini_portile (0.6.2)
    multi_json (1.11.2)
    multi_xml (0.5.5)
    multipart-post (2.0.0)
    nokogiri (1.6.6.2)
      mini_portile (~> 0.6.0)
    oauth2 (1.0.0)
      faraday (>= 0.8, < 0.10)
      jwt (~> 1.0)
      multi_json (~> 1.3)
      multi_xml (~> 0.5)
      rack (~> 1.2)
    pry (0.10.1)
      coderay (~> 1.1.0)
      method_source (~> 0.8.1)
      slop (~> 3.4)
    pry-byebug (3.1.0)
      byebug (~> 4.0)
      pry (~> 0.10)
    rack (1.6.4)
    rake (10.4.2)
    rb-readline (0.5.2)
    rdoc (4.2.0)
    reenhanced_bitbucket_api (0.3.2)
      faraday (~> 0.9.0)
      faraday_middleware (~> 0.9.0)
      hashie (>= 3.2)
      multi_json (>= 1.7.5, < 2.0)
      nokogiri (>= 1.5.2)
      simple_oauth (>= 0.3.0)
    rspec (3.0.0)
      rspec-core (~> 3.0.0)
      rspec-expectations (~> 3.0.0)
      rspec-mocks (~> 3.0.0)
    rspec-core (3.0.4)
      rspec-support (~> 3.0.0)
    rspec-expectations (3.0.4)
      diff-lcs (>= 1.2.0, < 2.0)
      rspec-support (~> 3.0.0)
    rspec-mocks (3.0.4)
      rspec-support (~> 3.0.0)
    rspec-support (3.0.4)
    safe_yaml (1.0.4)
    simple_oauth (0.3.1)
    slop (3.6.0)
    thor (0.19.1)
    thread_safe (0.3.5)
    webmock (1.20.4)
      addressable (>= 2.3.6)
      crack (>= 0.3.2)
    wwtd (0.7.0)

PLATFORMS
  ruby

DEPENDENCIES
  appraisal (= 1.0.3)
  bundler
  chronic
  git_reflow!
  pry-byebug
  rake
  rdoc
  rspec (~> 3.0.0)
  webmock
  wwtd (= 0.7.0)

BUNDLED WITH
   1.10.6
